GIT
  remote: https://github.com/rspec/rspec-core.git
  revision: e7c5d030966a7e8dad3e0a67c61920c4f2437c15
  branch: master
  specs:
    rspec-core (3.10.0.pre)
      rspec-support (= 3.10.0.pre)

GIT
  remote: https://github.com/rspec/rspec-expectations.git
  revision: e63ff4765e1cd2798b02ddddad259f1104ef87a5
  branch: master
  specs:
    rspec-expectations (3.10.0.pre)
      diff-lcs (>= 1.2.0, < 2.0)
      rspec-support (= 3.10.0.pre)

GIT
  remote: https://github.com/rspec/rspec-mocks.git
  revision: 0a52e0a86b126b4bab94d277b2ad99a7492dc37d
  branch: master
  specs:
    rspec-mocks (3.10.0.pre)
      diff-lcs (>= 1.2.0, < 2.0)
      rspec-support (= 3.10.0.pre)

GIT
  remote: https://github.com/rspec/rspec-rails.git
  revision: 01704c50c146f720db914724c25681781ecefb23
  branch: master
  specs:
    rspec-rails (4.1.0.pre)
      actionpack (>= 4.2)
      activesupport (>= 4.2)
      railties (>= 4.2)
      rspec-core (= 3.10.0.pre)
      rspec-expectations (= 3.10.0.pre)
      rspec-mocks (= 3.10.0.pre)
      rspec-support (= 3.10.0.pre)

GIT
  remote: https://github.com/rspec/rspec-support.git
  revision: 6447b0c2c9d1cd3e1504784fb85675ca9ae7b7c3
  branch: master
  specs:
    rspec-support (3.10.0.pre)

GEM
  remote: https://rubygems.org/
  specs:
    actioncable (7.0.5)
      actionpack (= 7.0.5)
      activesupport (= 7.0.5)
      nio4r (~> 2.0)
      websocket-driver (>= 0.6.1)
    actionmailbox (7.0.5)
      actionpack (= 7.0.5)
      activejob (= 7.0.5)
      activerecord (= 7.0.5)
      activestorage (= 7.0.5)
      activesupport (= 7.0.5)
      mail (>= 2.7.1)
      net-imap
      net-pop
      net-smtp
    actionmailer (7.0.5)
      actionpack (= 7.0.5)
      actionview (= 7.0.5)
      activejob (= 7.0.5)
      activesupport (= 7.0.5)
      mail (~> 2.5, >= 2.5.4)
      net-imap
      net-pop
      net-smtp
      rails-dom-testing (~> 2.0)
    actionpack (7.0.5)
      actionview (= 7.0.5)
      activesupport (= 7.0.5)
      rack (~> 2.0, >= 2.2.4)
      rack-test (>= 0.6.3)
      rails-dom-testing (~> 2.0)
      rails-html-sanitizer (~> 1.0, >= 1.2.0)
    actiontext (7.0.5)
      actionpack (= 7.0.5)
      activerecord (= 7.0.5)
      activestorage (= 7.0.5)
      activesupport (= 7.0.5)
      globalid (>= 0.6.0)
      nokogiri (>= 1.8.5)
    actionview (7.0.5)
      activesupport (= 7.0.5)
      builder (~> 3.1)
      erubi (~> 1.4)
      rails-dom-testing (~> 2.0)
      rails-html-sanitizer (~> 1.1, >= 1.2.0)
    activejob (7.0.5)
      activesupport (= 7.0.5)
      globalid (>= 0.3.6)
    activemodel (7.0.5)
      activesupport (= 7.0.5)
    activemodel-serializers-xml (1.0.2)
      activemodel (> 5.x)
      activesupport (> 5.x)
      builder (~> 3.1)
    activerecord (7.0.5)
      activemodel (= 7.0.5)
      activesupport (= 7.0.5)
    activestorage (7.0.5)
      actionpack (= 7.0.5)
      activejob (= 7.0.5)
      activerecord (= 7.0.5)
      activesupport (= 7.0.5)
      marcel (~> 1.0)
      mini_mime (>= 1.1.0)
    activesupport (7.0.5)
      concurrent-ruby (~> 1.0, >= 1.0.2)
      i18n (>= 1.6, < 2)
      minitest (>= 5.1)
      tzinfo (~> 2.0)
    addressable (2.8.4)
      public_suffix (>= 2.0.2, < 6.0)
    archive-zip (0.12.0)
      io-like (~> 0.3.0)
    aws_cf_signer (0.1.3)
    bcrypt (3.1.18)
    bindex (0.8.1)
    bootsnap (1.16.0)
      msgpack (~> 1.2)
    builder (3.2.4)
    bundler-audit (0.9.1)
      bundler (>= 1.2.0, < 3)
      thor (~> 1.0)
    byebug (11.1.3)
    capybara (3.39.1)
      addressable
      matrix
      mini_mime (>= 0.1.3)
      nokogiri (~> 1.8)
      rack (>= 1.6.0)
      rack-test (>= 0.6.3)
      regexp_parser (>= 1.5, < 3.0)
      xpath (~> 3.2)
    carrierwave (1.3.3)
      activemodel (>= 4.0.0)
      activesupport (>= 4.0.0)
      mime-types (>= 1.16)
      ssrf_filter (~> 1.0, < 1.1.0)
    childprocess (3.0.0)
    choice (0.2.0)
    chromedriver-helper (2.1.1)
      archive-zip (~> 0.10)
      nokogiri (~> 1.8)
    cloudinary (1.25.0)
      aws_cf_signer
      rest-client (>= 2.0.0)
    coffee-rails (4.2.2)
      coffee-script (>= 2.2.0)
      railties (>= 4.0.0)
    coffee-script (2.4.1)
      coffee-script-source
      execjs
    coffee-script-source (1.12.2)
    concurrent-ruby (1.2.2)
    connection_pool (2.4.1)
    crass (1.0.6)
    date (3.3.3)
    devise (4.9.2)
      bcrypt (~> 3.0)
      orm_adapter (~> 0.1)
      railties (>= 4.1.0)
      responders
      warden (~> 1.2.3)
    diff-lcs (1.5.0)
    domain_name (0.5.20190701)
      unf (>= 0.0.5, < 1.0.0)
    draper (4.0.2)
      actionpack (>= 5.0)
      activemodel (>= 5.0)
      activemodel-serializers-xml (>= 1.0)
      activesupport (>= 5.0)
      request_store (>= 1.0)
      ruby2_keywords
    dropzonejs-rails (0.8.5)
      rails (> 3.1)
    erubi (1.12.0)
    execjs (2.8.1)
    factory_bot (6.2.1)
      activesupport (>= 5.0.0)
    factory_bot_rails (6.2.0)
      factory_bot (~> 6.2.0)
      railties (>= 5.0.0)
    faker (3.2.0)
      i18n (>= 1.8.11, < 2)
    ffi (1.15.5)
    figaro (1.2.0)
      thor (>= 0.14.0, < 2)
    friendly_id (5.1.0)
      activerecord (>= 4.0.0)
    geocoder (1.8.1)
    globalid (1.1.0)
      activesupport (>= 5.0)
    hashie (5.0.0)
    http-accept (1.7.0)
    http-cookie (1.0.5)
      domain_name (~> 0.5)
    i18n (1.13.0)
      concurrent-ruby (~> 1.0)
    imgkit (1.6.3)
    io-like (0.3.1)
    jbuilder (2.11.5)
      actionview (>= 5.0.0)
      activesupport (>= 5.0.0)
    jquery-rails (4.5.1)
      rails-dom-testing (>= 1, < 3)
      railties (>= 4.2.0)
      thor (>= 0.14, < 2.0)
    jsbundling-rails (1.1.1)
      railties (>= 6.0.0)
    jwt (2.7.0)
    listen (3.0.8)
      rb-fsevent (~> 0.9, >= 0.9.4)
      rb-inotify (~> 0.9, >= 0.9.7)
    loofah (2.21.3)
      crass (~> 1.0.2)
      nokogiri (>= 1.12.0)
    mail (2.8.1)
      mini_mime (>= 0.1.1)
      net-imap
      net-pop
      net-smtp
    marcel (1.0.2)
    matrix (0.4.2)
    method_source (1.0.0)
    mime-types (3.4.1)
      mime-types-data (~> 3.2015)
    mime-types-data (3.2023.0218.1)
    mini_magick (4.12.0)
    mini_mime (1.1.2)
    mini_portile2 (2.8.2)
    minitest (5.18.0)
    msgpack (1.7.1)
    net-imap (0.3.4)
      date
      net-protocol
    net-pop (0.1.2)
      net-protocol
    net-protocol (0.2.1)
      timeout
    net-smtp (0.3.3)
      net-protocol
    netrc (0.11.0)
    nio4r (2.5.9)
    nokogiri (1.15.2)
      mini_portile2 (~> 2.8.2)
      racc (~> 1.4)
    nokogiri (1.15.2-arm64-darwin)
      racc (~> 1.4)
    oauth (1.1.0)
      oauth-tty (~> 1.0, >= 1.0.1)
      snaky_hash (~> 2.0)
      version_gem (~> 1.1)
    oauth-tty (1.0.5)
      version_gem (~> 1.1, >= 1.1.1)
    omniauth (1.9.2)
      hashie (>= 3.4.6)
      rack (>= 1.6.2, < 3)
    omniauth-oauth (1.2.0)
      oauth
      omniauth (>= 1.0, < 3)
    omniauth-twitter (1.4.0)
      omniauth-oauth (~> 1.1)
      rack
    orm_adapter (0.5.0)
    pg (1.5.3)
    public_suffix (5.0.1)
    puma (4.3.12)
      nio4r (~> 2.0)
    racc (1.6.2)
    rack (2.2.7)
    rack-cors (2.0.1)
      rack (>= 2.0.0)
    rack-test (2.1.0)
      rack (>= 1.3)
    rails (7.0.5)
      actioncable (= 7.0.5)
      actionmailbox (= 7.0.5)
      actionmailer (= 7.0.5)
      actionpack (= 7.0.5)
      actiontext (= 7.0.5)
      actionview (= 7.0.5)
      activejob (= 7.0.5)
      activemodel (= 7.0.5)
      activerecord (= 7.0.5)
      activestorage (= 7.0.5)
      activesupport (= 7.0.5)
      bundler (>= 1.15.0)
      railties (= 7.0.5)
    rails-dom-testing (2.0.3)
      activesupport (>= 4.2.0)
      nokogiri (>= 1.6)
    rails-erd (1.7.2)
      activerecord (>= 4.2)
      activesupport (>= 4.2)
      choice (~> 0.2.0)
      ruby-graphviz (~> 1.2)
    rails-html-sanitizer (1.6.0)
      loofah (~> 2.21)
      nokogiri (~> 1.14)
    railties (7.0.5)
      actionpack (= 7.0.5)
      activesupport (= 7.0.5)
      method_source
      rake (>= 12.2)
      thor (~> 1.0)
      zeitwerk (~> 2.5)
    rake (13.0.6)
    rb-fsevent (0.11.2)
    rb-inotify (0.10.1)
      ffi (~> 1.0)
    redis (4.8.1)
    regexp_parser (2.8.0)
    request_store (1.5.1)
      rack (>= 1.4)
    responders (3.1.0)
      actionpack (>= 5.2)
      railties (>= 5.2)
    rest-client (2.1.0)
      http-accept (>= 1.7.0, < 2.0)
      http-cookie (>= 1.0.2, < 2.0)
      mime-types (>= 1.16, < 4.0)
      netrc (~> 0.8)
    rexml (3.2.5)
    ruby-graphviz (1.2.5)
      rexml
    ruby2_keywords (0.0.5)
    rubyzip (2.3.2)
    sass (3.7.4)
      sass-listen (~> 4.0.0)
    sass-listen (4.0.0)
      rb-fsevent (~> 0.9, >= 0.9.4)
      rb-inotify (~> 0.9, >= 0.9.7)
    sass-rails (5.1.0)
      railties (>= 5.2.0)
      sass (~> 3.1)
      sprockets (>= 2.8, < 4.0)
      sprockets-rails (>= 2.0, < 4.0)
      tilt (>= 1.1, < 3)
    sassc (2.4.0)
      ffi (~> 1.9)
    sassc-rails (2.1.2)
      railties (>= 4.0.0)
      sassc (>= 2.0)
      sprockets (> 3.0)
      sprockets-rails
      tilt
    selenium-webdriver (3.142.7)
      childprocess (>= 0.5, < 4.0)
      rubyzip (>= 1.2.2)
    sidekiq (6.5.9)
      connection_pool (>= 2.2.5, < 3)
      rack (~> 2.0)
      redis (>= 4.5.0, < 5)
    sidekiq-limit_fetch (4.4.1)
      sidekiq (>= 6)
    snaky_hash (2.0.1)
      hashie
      version_gem (~> 1.1, >= 1.1.1)
    spring (2.1.1)
    spring-watcher-listen (2.0.1)
      listen (>= 2.7, < 4.0)
      spring (>= 1.2, < 3.0)
    sprockets (3.7.2)
      concurrent-ruby (~> 1.0)
      rack (> 1, < 3)
    sprockets-rails (3.4.2)
      actionpack (>= 5.2)
      activesupport (>= 5.2)
      sprockets (>= 3.0.0)
    ssrf_filter (1.0.8)
    tailwindcss-rails (2.0.29)
      railties (>= 6.0.0)
    tailwindcss-rails (2.0.29-arm64-darwin)
      railties (>= 6.0.0)
    thor (1.2.2)
    tilt (2.1.0)
    timeout (0.3.2)
    toastr-rails (1.0.3)
      railties (>= 3.1.0)
    turbolinks (5.2.1)
      turbolinks-source (~> 5.2)
    turbolinks-source (5.2.0)
    tzinfo (2.0.6)
      concurrent-ruby (~> 1.0)
    uglifier (4.2.0)
      execjs (>= 0.3.0, < 3)
    unf (0.1.4)
      unf_ext
    unf_ext (0.0.8.2)
    version_gem (1.1.2)
    warden (1.2.9)
      rack (>= 2.0.9)
    web-console (4.2.0)
      actionview (>= 6.0.0)
      activemodel (>= 6.0.0)
      bindex (>= 0.4.0)
      railties (>= 6.0.0)
    webdrivers (4.4.2)
      nokogiri (~> 1.6)
      rubyzip (>= 1.3.0)
      selenium-webdriver (>= 3.0, < 4.0)
    websocket-driver (0.7.5)
      websocket-extensions (>= 0.1.0)
    websocket-extensions (0.1.5)
    will_paginate (4.0.0)
    wkhtmltoimage-binary (0.12.5)
    xpath (3.2.0)
      nokogiri (~> 1.8)
    zeitwerk (2.6.8)

PLATFORMS
  arm64-darwin
  ruby

DEPENDENCIES
  bcrypt (~> 3.1.7)
  bootsnap (>= 1.1.0)
  bundler-audit
  byebug
  capybara (>= 2.15)
  carrierwave (~> 1.3, >= 1.3.1)
  chromedriver-helper
  cloudinary (~> 1.11, >= 1.11.1)
  coffee-rails (~> 4.2)
  devise
  draper
  dropzonejs-rails
  factory_bot_rails
  faker
  figaro
  friendly_id (~> 5.1.0)
  geocoder
  imgkit
  jbuilder (~> 2.5)
  jquery-rails (~> 4.4)
  jsbundling-rails
  jwt
  listen (>= 3.0.5, < 3.2)
  mini_magick (~> 4.2, >= 4.2.4)
  omniauth (~> 1.6)
  omniauth-twitter
  pg
  puma (~> 4.3)
  rack-cors
  rails (~> 7.0)
  rails-erd
  redis (~> 4.0)
  rspec-core!
  rspec-expectations!
  rspec-mocks!
  rspec-rails!
  rspec-support!
  sass-rails (~> 5.0)
  sassc-rails
  selenium-webdriver (~> 3.142.0)
  sidekiq (~> 6.2, >= 6.2.1)
  sidekiq-limit_fetch
  spring
  spring-watcher-listen (~> 2.0.0)
  tailwindcss-rails
  toastr-rails (~> 1.0, >= 1.0.3)
  turbolinks (~> 5)
  tzinfo-data
  uglifier (>= 1.3.0)
  web-console (>= 3.3.0)
  webdrivers (~> 4.4.0)
  will_paginate (~> 4.0)
  wkhtmltoimage-binary

RUBY VERSION
   ruby 3.1.2p20

BUNDLED WITH
   2.4.13
